PATH
  remote: .
  specs:
    gadfly (0.0.1)

GEM
  remote: https://rubygems.org/
  specs:
    ansi (1.4.3)
    coderay (1.0.9)
    method_source (0.8.1)
    minitest (4.7.1)
    pry (0.9.12)
      coderay (~> 1.0.5)
      method_source (~> 0.8)
      slop (~> 3.4)
    slop (3.4.4)
    turn (0.9.6)
      ansi

PLATFORMS
  ruby

DEPENDENCIES
  gadfly!
  minitest (= 4.7.1)
  pry
  turn
