PATH
  remote: .
  specs:
    gadfly (0.0.2)

GEM
  remote: https://rubygems.org/
  specs:
    ansi (1.4.3)
    childprocess (0.3.9)
      ffi (~> 1.0, >= 1.0.11)
    coderay (1.0.9)
    ffi (1.7.0)
    method_source (0.8.1)
    minitest (4.7.1)
    multi_json (1.7.2)
    pry (0.9.12)
      coderay (~> 1.0.5)
      method_source (~> 0.8)
      slop (~> 3.4)
    rake (10.0.4)
    rubyzip (0.9.9)
    selenium-webdriver (2.32.1)
      childprocess (>= 0.2.5)
      multi_json (~> 1.0)
      rubyzip
      websocket (~> 1.0.4)
    slop (3.4.4)
    turn (0.9.6)
      ansi
    websocket (1.0.7)

PLATFORMS
  ruby

DEPENDENCIES
  gadfly!
  minitest (= 4.7.1)
  pry
  rake
  selenium-webdriver
  turn
